GEM
  remote: https://rubygems.org/
  specs:
    aggregate_root (2.5.1)
      ruby_event_store (= 2.5.1)
    concurrent-ruby (1.1.10)
    minitest (5.16.3)
    ruby_event_store (2.5.1)
      concurrent-ruby (~> 1.0, >= 1.1.6)

PLATFORMS
  arm64-darwin-22

DEPENDENCIES
  aggregate_root
  minitest
  ruby_event_store

BUNDLED WITH
   2.3.26
